GIT
  remote: https://github.com/UMNLibraries/simpledoi-ruby.git
  revision: 57e0f4b1146d4b5e5c01cdbe6c01bb3446804dd6
  branch: master
  specs:
    simple_doi (1.2.0)
      json
      nokogiri

GEM
  remote: https://rubygems.org/
  specs:
    curb (0.9.4)
    dotenv (2.2.1)
    elasticsearch (6.0.2)
      elasticsearch-api (= 6.0.2)
      elasticsearch-transport (= 6.0.2)
    elasticsearch-api (6.0.2)
      multi_json
    elasticsearch-transport (6.0.2)
      faraday
      multi_json
    faraday (0.14.0)
      multipart-post (>= 1.2, < 3)
    json (2.1.0)
    mini_portile2 (2.3.0)
    multi_json (1.13.1)
    multipart-post (2.0.0)
    nokogiri (1.8.2)
      mini_portile2 (~> 2.3.0)
    rake (12.3.1)
    thor (0.20.0)

PLATFORMS
  ruby

DEPENDENCIES
  curb
  dotenv
  elasticsearch
  rake
  simple_doi!
  thor

BUNDLED WITH
   1.16.1
