GIT
  remote: https://github.com/UMNLibraries/simpledoi-ruby.git
  revision: c918ac4147a5dfcd32d868c78d4ed10e96a2be34
  specs:
    simple_doi (1.3.0)
      json
      nokogiri

GEM
  remote: https://rubygems.org/
  specs:
    addressable (2.7.0)
      public_suffix (>= 2.0.2, < 5.0)
    crack (0.4.3)
      safe_yaml (~> 1.0.0)
    curb (0.9.10)
    dotenv (2.7.5)
    elasticsearch (7.9.0)
      elasticsearch-api (= 7.9.0)
      elasticsearch-transport (= 7.9.0)
    elasticsearch-api (7.9.0)
      multi_json
    elasticsearch-transport (7.9.0)
      faraday (~> 1)
      multi_json
    faraday (1.0.1)
      multipart-post (>= 1.2, < 3)
    hashdiff (1.0.0)
    json (2.3.1)
    mini_portile2 (2.5.1)
    minitest (5.13.0)
    multi_json (1.15.0)
    multipart-post (2.1.1)
    nokogiri (1.11.4)
      mini_portile2 (~> 2.5.0)
      racc (~> 1.4)
    public_suffix (4.0.1)
    racc (1.5.2)
    rake (13.0.1)
    safe_yaml (1.0.5)
    thor (0.20.3)
    webmock (3.7.6)
      addressable (>= 2.3.6)
      crack (>= 0.3.2)
      hashdiff (>= 0.4.0, < 2.0.0)

PLATFORMS
  ruby

DEPENDENCIES
  curb (~> 0.9.10)
  dotenv
  elasticsearch (~> 7.9.0)
  minitest (~> 5.11)
  rake
  simple_doi (>= 1.3.0)!
  thor
  webmock (~> 3.3)

BUNDLED WITH
   1.17.2
