GIT
  remote: https://github.com/UMNLibraries/simpledoi-ruby.git
  revision: 73b90256a9787693534026bb7c299a36e8ece8d9
  specs:
    simple_doi (1.2.4)
      json
      nokogiri

GEM
  remote: https://rubygems.org/
  specs:
    addressable (2.6.0)
      public_suffix (>= 2.0.2, < 4.0)
    crack (0.4.3)
      safe_yaml (~> 1.0.0)
    curb (0.9.10)
    dotenv (2.7.5)
    elasticsearch (7.3.0)
      elasticsearch-api (= 7.3.0)
      elasticsearch-transport (= 7.3.0)
    elasticsearch-api (7.3.0)
      multi_json
    elasticsearch-transport (7.3.0)
      faraday
      multi_json
    faraday (0.15.4)
      multipart-post (>= 1.2, < 3)
    hashdiff (1.0.0)
    json (2.2.0)
    mini_portile2 (2.4.0)
    minitest (5.11.3)
    multi_json (1.13.1)
    multipart-post (2.1.1)
    nokogiri (1.10.4)
      mini_portile2 (~> 2.4.0)
    public_suffix (3.1.1)
    rake (12.3.3)
    safe_yaml (1.0.5)
    thor (0.20.3)
    webmock (3.6.2)
      addressable (>= 2.3.6)
      crack (>= 0.3.2)
      hashdiff (>= 0.4.0, < 2.0.0)

PLATFORMS
  ruby

DEPENDENCIES
  curb (~> 0.9.10)
  dotenv
  elasticsearch
  minitest (~> 5.11)
  rake
  simple_doi (>= 1.2.3)!
  thor
  webmock (~> 3.3)

BUNDLED WITH
   1.17.2
